PATH
  remote: ../..
  specs:
    recaptcha (0.6.0)
      json

GEM
  remote: https://rubygems.org/
  specs:
    json (1.8.1)
    mustermann (1.1.1)
      ruby2_keywords (~> 0.0.1)
    rack (2.2.3)
    rack-protection (2.2.0)
      rack
    ruby2_keywords (0.0.5)
    sinatra (2.2.0)
      mustermann (~> 1.0)
      rack (~> 2.2)
      rack-protection (= 2.2.0)
      tilt (~> 2.0)
    tilt (2.0.10)

PLATFORMS
  ruby

DEPENDENCIES
  recaptcha!
  sinatra

BUNDLED WITH
   1.10.6
