PATH
  remote: ../..
  specs:
    recaptcha (0.6.0)
      json

GEM
  remote: https://rubygems.org/
  specs:
    json (1.8.1)
    mustermann (3.0.0)
      ruby2_keywords (~> 0.0.1)
    rack (2.2.4)
    rack-protection (3.0.4)
      rack
    ruby2_keywords (0.0.5)
    sinatra (3.0.4)
      mustermann (~> 3.0)
      rack (~> 2.2, >= 2.2.4)
      rack-protection (= 3.0.4)
      tilt (~> 2.0)
    tilt (2.0.11)

PLATFORMS
  ruby

DEPENDENCIES
  recaptcha!
  sinatra

BUNDLED WITH
   1.10.6
